PATH
  remote: .
  specs:
    openstudio-standards (0.1.15)

GEM
  remote: http://rubygems.org/
  specs:
    activesupport (4.2.5)
      i18n (~> 0.7)
      json (~> 1.7, >= 1.7.7)
      minitest (~> 5.1)
      thread_safe (~> 0.3, >= 0.3.4)
      tzinfo (~> 1.1)
    addressable (2.4.0)
    aes (0.5.0)
    ast (2.3.0)
    autoparse (0.3.3)
      addressable (>= 2.3.1)
      extlib (>= 0.9.15)
      multi_json (>= 1.0.0)
    codecov (0.1.10)
      json
      simplecov
      url
    docile (1.1.5)
    domain_name (0.5.20170404)
      unf (>= 0.0.5, < 1.0.0)
    extlib (0.9.16)
    faraday (0.9.2)
      multipart-post (>= 1.2, < 3)
    ffi (1.9.18-x64-mingw32)
    geocoder (1.4.4)
    google-api-client (0.8.6)
      activesupport (>= 3.2)
      addressable (~> 2.3)
      autoparse (~> 0.3)
      extlib (~> 0.9)
      faraday (~> 0.9)
      googleauth (~> 0.3)
      launchy (~> 2.4)
      multi_json (~> 1.10)
      retriable (~> 1.4)
      signet (~> 0.6)
    googleauth (0.4.2)
      faraday (~> 0.9)
      jwt (~> 1.4)
      logging (~> 2.0)
      memoist (~> 0.12)
      multi_json (~> 1.11)
      signet (~> 0.6)
    highline (1.7.8)
    http-cookie (1.0.3)
      domain_name (~> 0.5)
    i18n (0.7.0)
    json (1.8.3)
    jwt (1.5.2)
    launchy (2.4.3)
      addressable (~> 2.3)
    little-plugger (1.1.4)
    logging (2.0.0)
      little-plugger (~> 1.1)
      multi_json (~> 1.10)
    memoist (0.13.0)
    mime-types (3.1)
      mime-types-data (~> 3.2015)
    mime-types-data (3.2016.0521)
    mini_portile2 (2.0.0)
    minitest (5.8.3)
    minitest-ci (3.2.0)
      minitest (>= 5.0.6)
    multi_json (1.11.2)
    multipart-post (2.0.0)
    netrc (0.11.0)
    nokogiri (1.6.7.2-x64-mingw32)
      mini_portile2 (~> 2.0.0.rc2)
    parallel (1.12.0)
    parallel_tests (2.17.0)
      parallel
    parser (2.3.1.2)
      ast (~> 2.2)
    powerpack (0.1.1)
    rainbow (2.1.0)
    rake (10.4.2)
    rest-client (2.0.2-x64-mingw32)
      ffi (~> 1.9)
      http-cookie (>= 1.0.2, < 2.0)
      mime-types (>= 1.16, < 4.0)
      netrc (~> 0.8)
    retriable (1.4.1)
    roo (2.7.1)
      nokogiri (~> 1)
      rubyzip (~> 1.1, < 2.0.0)
    rubocop (0.42.0)
      parser (>= 2.3.1.1, < 3.0)
      powerpack (~> 0.1)
      rainbow (>= 1.99.1, < 3.0)
      ruby-progressbar (~> 1.7)
      unicode-display_width (~> 1.0, >= 1.0.1)
    rubocop-checkstyle_formatter (0.1.1)
      rubocop (>= 0.14.0)
    ruby-progressbar (1.7.5)
    rubyXL (3.3.8)
      nokogiri (>= 1.4.4)
      rubyzip (>= 1.1.6)
    rubyzip (1.2.0)
    signet (0.7.0)
      addressable (~> 2.3)
      faraday (~> 0.9)
      jwt (~> 1.5)
      multi_json (~> 1.10)
    simplecov (0.14.1)
      docile (~> 1.1.0)
      json (>= 1.8, < 3)
      simplecov-html (~> 0.10.0)
    simplecov-html (0.10.0)
    thread_safe (0.3.5)
    tzinfo (1.2.2)
      thread_safe (~> 0.1)
    unf (0.1.4)
      unf_ext
    unf_ext (0.0.7.4-x64-mingw32)
    unicode-display_width (1.1.0)
    url (0.3.2)
    yard (0.8.7.6)

PLATFORMS
  x64-mingw32

DEPENDENCIES
  activesupport (= 4.2.5)
  aes (= 0.5.0)
  bundler (~> 1.9)
  codecov
  geocoder (= 1.4.4)
  google-api-client (= 0.8.6)
  highline
  launchy
  minitest-ci
  nokogiri (<= 1.6.8.1)
  openstudio-standards!
  parallel_tests
  rake (~> 10.0)
  rest-client (= 2.0.2)
  roo (= 2.7.1)
  rubocop (~> 0.42)
  rubocop-checkstyle_formatter (~> 0.1.1)
  ruby-progressbar
  rubyXL (= 3.3.8)
  yard (~> 0.8)

BUNDLED WITH
   1.10.6
